GIT
  remote: git://github.com/petebrowne/sprockets-helpers.git
  revision: 0b6b01fb0d7beb867ad5c719e1ba0db334ccb94d
  specs:
    sprockets-helpers (0.6.1)
      sprockets (~> 2.0)

GEM
  remote: http://rubygems.org/
  specs:
    hike (1.2.1)
    multi_json (1.3.6)
    puma (1.6.1)
      rack (~> 1.2)
    rack (1.4.1)
    rack-protection (1.2.0)
      rack
    rack-rewrite (1.2.1)
    sass (3.2.0)
    sinatra (1.3.2)
      rack (~> 1.3, >= 1.3.6)
      rack-protection (~> 1.2)
      tilt (~> 1.3, >= 1.3.3)
    slim (1.2.2)
      temple (~> 0.4.0)
      tilt (~> 1.3.3)
    sprockets (2.4.5)
      hike (~> 1.2)
      multi_json (~> 1.0)
      rack (~> 1.0)
      tilt (~> 1.1, != 1.3.0)
    sprockets-sass (0.5.0)
      sprockets (~> 2.0)
      tilt (~> 1.1)
    temple (0.4.0)
    tilt (1.3.3)

PLATFORMS
  ruby

DEPENDENCIES
  puma
  rack-rewrite
  sass
  sinatra
  slim
  sprockets-helpers!
  sprockets-sass
